PATH
  remote: .
  specs:
    stripe_presenter_plugin (1.3.0)

GEM
  remote: https://rubygems.org/
  specs:
    rake (12.3.3)

PLATFORMS
  ruby

DEPENDENCIES
  bundler (~> 2.0)
  rake (>= 12.3.3)
  stripe_presenter_plugin!

BUNDLED WITH
   2.2.20
