PATH
  remote: .
  specs:
    stripe_presenter_plugin (1.2.0)

GEM
  remote: https://rubygems.org/
  specs:
    rake (12.3.3)

PLATFORMS
  ruby

DEPENDENCIES
  bundler (~> 1.16)
  rake (>= 12.3.3)
  stripe_presenter_plugin!

BUNDLED WITH
   1.17.3
